PATH
  remote: .
  specs:
    spree_reservebar_digitalpopup (0.0.1)
      httparty

GEM
  remote: http://rubygems.org/
  specs:
    httparty (0.13.5)
      json (~> 1.8)
      multi_xml (>= 0.5.2)
    json (1.8.3)
    multi_xml (0.5.5)

PLATFORMS
  ruby

DEPENDENCIES
  httparty
  spree_reservebar_digitalpopup!
